GEM
  remote: https://rubygems.org/
  specs:
    addressable (2.4.0)
    attribute_struct (0.3.0)
      bogo (>= 0.1.31, < 0.3.0)
    batali (0.4.2)
      attribute_struct (>= 0.2.14, < 0.5)
      bogo (>= 0.1.20, < 0.4)
      bogo-cli (>= 0.1.23, < 0.4)
      bogo-config (>= 0.1.10, < 0.4)
      bogo-ui (>= 0.1.6, < 0.4)
      git
      grimoire (>= 0.2.12, < 0.4)
      http (>= 0.8.2, < 1.0.0)
    bogo (0.1.32)
      hashie
      multi_json
    bogo-cli (0.2.2)
      bogo (>= 0.1.6)
      bogo-config
      bogo-ui
      slop (~> 3)
    bogo-config (0.1.14)
      attribute_struct
      bogo (>= 0.1.4, < 1.0)
      multi_json
      multi_xml
    bogo-ui (0.1.12)
      bogo
      command_line_reporter
      paint
    builder (3.2.2)
    chef (12.7.2)
      chef-config (= 12.7.2)
      chef-zero (~> 4.5)
      diff-lcs (~> 1.2, >= 1.2.4)
      erubis (~> 2.7)
      ffi-yajl (~> 2.2)
      highline (~> 1.6, >= 1.6.9)
      mixlib-authentication (~> 1.4)
      mixlib-cli (~> 1.4)
      mixlib-log (~> 1.3)
      mixlib-shellout (~> 2.0)
      net-ssh (>= 2.9, < 4.0)
      net-ssh-multi (~> 1.1)
      ohai (>= 8.6.0.alpha.1, < 9)
      plist (~> 3.1.0)
      proxifier (~> 1.0)
      rspec-core (~> 3.4)
      rspec-expectations (~> 3.4)
      rspec-mocks (~> 3.4)
      rspec_junit_formatter (~> 0.2.0)
      serverspec (~> 2.7)
      specinfra (~> 2.10)
      syslog-logger (~> 1.6)
      uuidtools (~> 2.1.5)
    chef-config (12.7.2)
      mixlib-config (~> 2.0)
      mixlib-shellout (~> 2.0)
    chef-zero (4.5.0)
      ffi-yajl (~> 2.2)
      hashie (>= 2.0, < 4.0)
      mixlib-log (~> 1.3)
      rack
      uuidtools (~> 2.1)
    colored (1.2)
    command_line_reporter (3.3.6)
      colored (>= 1.2)
    diff-lcs (1.2.5)
    domain_name (0.5.20160216)
      unf (>= 0.0.5, < 1.0.0)
    erubis (2.7.0)
    ffi (1.9.10)
    ffi-yajl (2.2.3)
      libyajl2 (~> 1.2)
    git (1.3.0)
    grimoire (0.2.12)
      attribute_struct (>= 0.1.12)
      bogo (~> 0.1.10)
    hashdiff (0.2.3)
    hashie (3.4.3)
    highline (1.7.8)
    http (0.9.8)
      addressable (~> 2.3)
      http-cookie (~> 1.0)
      http-form_data (~> 1.0.1)
      http_parser.rb (~> 0.6.0)
    http-cookie (1.0.2)
      domain_name (~> 0.5)
    http-form_data (1.0.1)
    http_parser.rb (0.6.0)
    ipaddress (0.8.3)
    kitchen-vagrant (0.19.0)
      test-kitchen (~> 1.4)
    libyajl2 (1.2.0)
    miasma (0.3.0)
      bogo (>= 0.1.30, < 1.0)
      http (>= 0.8.12, < 1.1)
      multi_json
      multi_xml
      xml-simple
    miasma-aws (0.3.0)
      miasma (>= 0.2.39, < 0.5)
    miasma-azure (0.1.2)
    miasma-open-stack (0.1.4)
    miasma-rackspace (0.1.2)
      miasma-open-stack
    mixlib-authentication (1.4.0)
      mixlib-log
      rspec-core (~> 3.2)
      rspec-expectations (~> 3.2)
      rspec-mocks (~> 3.2)
    mixlib-cli (1.5.0)
    mixlib-config (2.2.1)
    mixlib-install (0.7.1)
    mixlib-log (1.6.0)
    mixlib-shellout (2.2.6)
    multi_json (1.11.2)
    multi_xml (0.5.5)
    net-scp (1.2.1)
      net-ssh (>= 2.6.5)
    net-ssh (3.0.2)
    net-ssh-gateway (1.2.0)
      net-ssh (>= 2.6.5)
    net-ssh-multi (1.2.1)
      net-ssh (>= 2.6.5)
      net-ssh-gateway (>= 1.2.0)
    net-telnet (0.1.1)
    ohai (8.10.0)
      chef-config (>= 12.5.0.alpha.1, < 13)
      ffi (~> 1.9)
      ffi-yajl (~> 2.2)
      ipaddress
      mixlib-cli
      mixlib-config (~> 2.0)
      mixlib-log
      mixlib-shellout (~> 2.0)
      rake (~> 10.1)
      systemu (~> 2.6.4)
      wmi-lite (~> 1.0)
    paint (1.0.1)
    plist (3.1.0)
    proxifier (1.0.3)
    rack (1.6.4)
    rake (10.5.0)
    rspec (3.4.0)
      rspec-core (~> 3.4.0)
      rspec-expectations (~> 3.4.0)
      rspec-mocks (~> 3.4.0)
    rspec-core (3.4.3)
      rspec-support (~> 3.4.0)
    rspec-expectations (3.4.0)
      diff-lcs (>= 1.2.0, < 2.0)
      rspec-support (~> 3.4.0)
    rspec-its (1.2.0)
      rspec-core (>= 3.0.0)
      rspec-expectations (>= 3.0.0)
    rspec-mocks (3.4.1)
      diff-lcs (>= 1.2.0, < 2.0)
      rspec-support (~> 3.4.0)
    rspec-support (3.4.1)
    rspec_junit_formatter (0.2.3)
      builder (< 4)
      rspec-core (>= 2, < 4, != 2.12.0)
    safe_yaml (1.0.4)
    serverspec (2.30.0)
      multi_json
      rspec (~> 3.0)
      rspec-its
      specinfra (~> 2.48)
    sfl (2.2)
    sfn (2.1.4)
      bogo-cli (>= 0.2.0, < 0.4)
      hashdiff (~> 0.2.2)
      miasma (>= 0.3.0, < 0.4)
      miasma-aws (>= 0.3.0, < 0.4)
      miasma-azure (>= 0.1.0, < 0.3)
      miasma-open-stack (>= 0.1.0, < 0.3)
      miasma-rackspace (>= 0.1.0, < 0.3)
      net-ssh
      sparkle_formation (>= 2.1.2, < 3)
    slop (3.6.0)
    sparkle_formation (2.1.4)
      attribute_struct (>= 0.3.0, < 0.5)
      bogo
      multi_json
    specinfra (2.52.0)
      net-scp
      net-ssh (>= 2.7, < 3.1)
      net-telnet
      sfl
    syslog-logger (1.6.8)
    systemu (2.6.5)
    test-kitchen (1.6.0)
      mixlib-install (~> 0.7)
      mixlib-shellout (>= 1.2, < 3.0)
      net-scp (~> 1.1)
      net-ssh (>= 2.9, < 4.0)
      safe_yaml (~> 1.0)
      thor (~> 0.18)
    thor (0.19.1)
    unf (0.1.4)
      unf_ext
    unf_ext (0.0.7.2)
    uuidtools (2.1.5)
    wmi-lite (1.0.0)
    xml-simple (1.1.5)

PLATFORMS
  ruby

DEPENDENCIES
  batali
  chef
  kitchen-vagrant
  rake
  sfn

BUNDLED WITH
   1.10.5
